GEM
  specs:
    activemodel (7.2.1)
      activesupport (= 7.2.1)
    activerecord (7.2.1)
      activemodel (= 7.2.1)
      activesupport (= 7.2.1)
      timeout (>= 0.4.0)
    activesupport (7.2.1)
      base64
      bigdecimal
      concurrent-ruby (~> 1.0, >= 1.3.1)
      connection_pool (>= 2.2.5)
      drb
      i18n (>= 1.6, < 2)
      logger (>= 1.4.2)
      minitest (>= 5.1)
      securerandom (>= 0.3)
      tzinfo (~> 2.0, >= 2.0.5)
    base64 (0.2.0)
    bigdecimal (3.1.5)
    coderay (1.1.3)
    concurrent-ruby (1.3.4)
    connection_pool (2.4.1)
    drb (2.2.0)
      ruby2_keywords
    i18n (1.14.6)
      concurrent-ruby (~> 1.0)
    json (2.7.1)
    logger (1.6.0)
    method_source (1.1.0)
    minitest (5.20.0)
    pry (0.14.2)
      coderay (~> 1.1)
      method_source (~> 1.0)
    ruby2_keywords (0.0.5)
    securerandom (0.3.1)
    sqlite3 (2.1.0-x86_64-linux-gnu)
    timeout (0.4.1)
    tzinfo (2.0.6)
      concurrent-ruby (~> 1.0)

PLATFORMS
  x86_64-linux-gnu

DEPENDENCIES
  activerecord
  json
  pry
  sqlite3

BUNDLED WITH
   2.5.16
